GIT
  remote: git://github.com/radar/forem-theme-base
  revision: 3efec35538c33e10081f1fd243d99314f913d2d1
  specs:
    forem-theme-base (0.0.1)

PATH
  remote: .
  specs:
    forem (1.0.0.beta1)
      cancan (= 1.6.8)
      friendly_id (~> 4.0)
      gemoji (= 1.1.2)
      rails (~> 3.1)
      simple_form
      workflow (= 0.8.0)

GEM
  remote: https://rubygems.org/
  specs:
    actionmailer (3.2.10)
      actionpack (= 3.2.10)
      mail (~> 2.4.4)
    actionpack (3.2.10)
      activemodel (= 3.2.10)
      activesupport (= 3.2.10)
      builder (~> 3.0.0)
      erubis (~> 2.7.0)
      journey (~> 1.0.4)
      rack (~> 1.4.0)
      rack-cache (~> 1.2)
      rack-test (~> 0.6.1)
      sprockets (~> 2.2.1)
    activemodel (3.2.10)
      activesupport (= 3.2.10)
      builder (~> 3.0.0)
    activerecord (3.2.10)
      activemodel (= 3.2.10)
      activesupport (= 3.2.10)
      arel (~> 3.0.2)
      tzinfo (~> 0.3.29)
    activerecord-jdbc-adapter (1.2.5)
    activerecord-jdbcmysql-adapter (1.2.5)
      activerecord-jdbc-adapter (~> 1.2.5)
      jdbc-mysql (~> 5.1.0)
    activerecord-jdbcpostgresql-adapter (1.2.5)
      activerecord-jdbc-adapter (~> 1.2.5)
      jdbc-postgres (>= 9.1, < 9.3)
    activerecord-jdbcsqlite3-adapter (1.2.5)
      activerecord-jdbc-adapter (~> 1.2.5)
      jdbc-sqlite3 (~> 3.7.2)
    activeresource (3.2.10)
      activemodel (= 3.2.10)
      activesupport (= 3.2.10)
    activesupport (3.2.10)
      i18n (~> 0.6)
      multi_json (~> 1.0)
    addressable (2.3.2)
    arel (3.0.2)
    bcrypt-ruby (3.0.1-java)
    builder (3.0.4)
    cancan (1.6.8)
    capybara (2.0.2)
      mime-types (>= 1.16)
      nokogiri (>= 1.3.3)
      rack (>= 1.0.0)
      rack-test (>= 0.5.4)
      selenium-webdriver (~> 2.0)
      xpath (~> 1.0.0)
    childprocess (0.3.6)
      ffi (~> 1.0, >= 1.0.6)
    coderay (1.0.8)
    database_cleaner (0.9.1)
    devise (2.1.2)
      bcrypt-ruby (~> 3.0)
      orm_adapter (~> 0.1)
      railties (~> 3.1)
      warden (~> 1.2.1)
    diff-lcs (1.1.3)
    erubis (2.7.0)
    factory_girl (2.6.4)
      activesupport (>= 2.3.9)
    factory_girl_rails (1.7.0)
      factory_girl (~> 2.6.0)
      railties (>= 3.0.0)
    ffi (1.1.5-java)
    forem-kramdown (0.1.0)
      activesupport (>= 3.1.0)
      coderay (~> 1.0.8)
      kramdown (~> 0.14.1)
      nokogiri (~> 1.5.6)
    friendly_id (4.0.9)
    gemoji (1.1.2)
    hike (1.2.1)
    i18n (0.6.1)
    jdbc-mysql (5.1.22)
    jdbc-postgres (9.2.1002)
    jdbc-sqlite3 (3.7.2)
    journey (1.0.4)
    jquery-rails (2.1.4)
      railties (>= 3.0, < 5.0)
      thor (>= 0.14, < 2.0)
    json (1.7.6-java)
    kaminari (0.14.1)
      actionpack (>= 3.0.0)
      activesupport (>= 3.0.0)
    kramdown (0.14.1)
    launchy (2.1.2-java)
      addressable (~> 2.3)
      ffi (~> 1.1.1)
      spoon (~> 0.0.1)
    libwebsocket (0.1.7.1)
      addressable
      websocket
    mail (2.4.4)
      i18n (>= 0.4.0)
      mime-types (~> 1.16)
      treetop (~> 1.4.8)
    method_source (0.8.1)
    mime-types (1.19)
    multi_json (1.5.0)
    nokogiri (1.5.6-java)
    orm_adapter (0.4.0)
    polyglot (0.3.3)
    pry (0.9.10-java)
      coderay (~> 1.0.5)
      method_source (~> 0.8)
      slop (~> 3.3.1)
      spoon (~> 0.0)
    pry-nav (0.2.3)
      pry (~> 0.9.10)
    pry-rails (0.2.2)
      pry (>= 0.9.10)
    rack (1.4.1)
    rack-cache (1.2)
      rack (>= 0.4)
    rack-ssl (1.3.2)
      rack
    rack-test (0.6.2)
      rack (>= 1.0)
    rails (3.2.10)
      actionmailer (= 3.2.10)
      actionpack (= 3.2.10)
      activerecord (= 3.2.10)
      activeresource (= 3.2.10)
      activesupport (= 3.2.10)
      bundler (~> 1.0)
      railties (= 3.2.10)
    railties (3.2.10)
      actionpack (= 3.2.10)
      activesupport (= 3.2.10)
      rack-ssl (~> 1.3.2)
      rake (>= 0.8.7)
      rdoc (~> 3.4)
      thor (>= 0.14.6, < 2.0)
    rake (10.0.3)
    rdoc (3.12)
      json (~> 1.4)
    rspec-core (2.12.2)
    rspec-expectations (2.12.1)
      diff-lcs (~> 1.1.3)
    rspec-mocks (2.12.1)
    rspec-rails (2.12.0)
      actionpack (>= 3.0)
      activesupport (>= 3.0)
      railties (>= 3.0)
      rspec-core (~> 2.12.0)
      rspec-expectations (~> 2.12.0)
      rspec-mocks (~> 2.12.0)
    rubyzip (0.9.9)
    selenium-webdriver (2.27.2)
      childprocess (>= 0.2.5)
      libwebsocket (~> 0.1.3)
      multi_json (~> 1.0)
      rubyzip
    simple_form (2.0.4)
      actionpack (~> 3.0)
      activemodel (~> 3.0)
    slop (3.3.3)
    spoon (0.0.1)
    sprockets (2.2.2)
      hike (~> 1.2)
      multi_json (~> 1.0)
      rack (~> 1.0)
      tilt (~> 1.1, != 1.3.0)
    thor (0.16.0)
    tilt (1.3.3)
    timecop (0.3.5)
    treetop (1.4.12)
      polyglot
      polyglot (>= 0.3.1)
    tzinfo (0.3.35)
    warden (1.2.1)
      rack (>= 1.0)
    websocket (1.0.6)
    workflow (0.8.0)
    xpath (1.0.0)
      nokogiri (~> 1.3)

PLATFORMS
  java

DEPENDENCIES
  activerecord-jdbc-adapter
  activerecord-jdbcmysql-adapter
  activerecord-jdbcpostgresql-adapter
  activerecord-jdbcsqlite3-adapter
  capybara (= 2.0.2)
  database_cleaner (~> 0.9.1)
  devise (~> 2.1.2)
  factory_girl_rails (~> 1.7.0)
  forem!
  forem-kramdown
  forem-redcarpet
  forem-theme-base!
  jquery-rails
  kaminari (~> 0.14.1)
  launchy
  mysql2
  pg
  pry-nav
  pry-rails
  rails (~> 3.1)
  rspec-rails (~> 2.12.0)
  sqlite3
  timecop (= 0.3.5)
